GEM
  remote: http://rubygems.org/
  specs:
    checkers_game_engine_sgallagher (0.0.3)

PLATFORMS
  java
  ruby

DEPENDENCIES
  checkers_game_engine_sgallagher
